GEM
  remote: https://rubygems.org/
  specs:
    jar-dependencies (0.3.0)
    ruby-maven (3.3.11)
      ruby-maven-libs (~> 3.3.9)
    ruby-maven-libs (3.3.9)

PLATFORMS
  java

DEPENDENCIES
  jar-dependencies (= 0.3.0)
  ruby-maven (~> 3.3, >= 3.3.8)

BUNDLED WITH
   1.12.3
