GEM
  remote: https://rubygems.org/
  specs:
    jar-dependencies (0.1.13)

PLATFORMS
  java

DEPENDENCIES
  jar-dependencies (~> 0.1.11)

BUNDLED WITH
   1.12.3
